PATH
  remote: .
  specs:
    actionpack-direct_routes (1.0.1)
      actionpack (>= 4.2, < 6.2)
      activesupport (>= 4.2, < 5.1)

GEM
  remote: https://rubygems.org/
  specs:
    actionpack (5.0.7.2)
      actionview (= 5.0.7.2)
      activesupport (= 5.0.7.2)
      rack (~> 2.0)
      rack-test (~> 0.6.3)
      rails-dom-testing (~> 2.0)
      rails-html-sanitizer (~> 1.0, >= 1.0.2)
    actionview (5.0.7.2)
      activesupport (= 5.0.7.2)
      builder (~> 3.1)
      erubis (~> 2.7.0)
      rails-dom-testing (~> 2.0)
      rails-html-sanitizer (~> 1.0, >= 1.0.3)
    activesupport (5.0.7.2)
      concurrent-ruby (~> 1.0, >= 1.0.2)
      i18n (>= 0.7, < 2)
      minitest (~> 5.1)
      tzinfo (~> 1.1)
    appraisal (2.2.0)
      bundler
      rake
      thor (>= 0.14.0)
    ast (2.4.0)
    builder (3.2.4)
    concurrent-ruby (1.1.8)
    crass (1.0.6)
    docile (1.3.2)
    erubis (2.7.0)
    i18n (1.8.10)
      concurrent-ruby (~> 1.0)
    jaro_winkler (1.5.4)
    json (2.3.0)
    loofah (2.9.1)
      crass (~> 1.0.2)
      nokogiri (>= 1.5.9)
    mini_portile2 (2.5.1)
    minitest (5.1.0)
    nokogiri (1.11.5)
      mini_portile2 (~> 2.5.0)
      racc (~> 1.4)
    parallel (1.19.1)
    parser (2.6.5.0)
      ast (~> 2.4.0)
    racc (1.5.2)
    rack (2.2.3)
    rack-test (0.6.3)
      rack (>= 1.0)
    rails-dom-testing (2.0.3)
      activesupport (>= 4.2.0)
      nokogiri (>= 1.6)
    rails-html-sanitizer (1.3.0)
      loofah (~> 2.3)
    rainbow (3.0.0)
    rake (13.0.1)
    rubocop (0.78.0)
      jaro_winkler (~> 1.5.1)
      parallel (~> 1.10)
      parser (>= 2.6)
      rainbow (>= 2.2.2, < 4.0)
      ruby-progressbar (~> 1.7)
      unicode-display_width (>= 1.4.0, < 1.7)
    rubocop-performance (1.5.1)
      rubocop (>= 0.71.0)
    rubocop-rails (2.4.0)
      rack (>= 1.1)
      rubocop (>= 0.72.0)
    ruby-progressbar (1.10.1)
    simplecov (0.17.1)
      docile (~> 1.1)
      json (>= 1.8, < 3)
      simplecov-html (~> 0.10.0)
    simplecov-html (0.10.2)
    sqlite3 (1.3.13)
    thor (1.0.1)
    thread_safe (0.3.6)
    tzinfo (1.2.9)
      thread_safe (~> 0.1)
    unicode-display_width (1.6.0)

PLATFORMS
  ruby

DEPENDENCIES
  actionpack-direct_routes!
  appraisal
  minitest (~> 5.1.0)
  rubocop
  rubocop-performance
  rubocop-rails
  simplecov (< 0.18)
  sqlite3 (~> 1.3.0)

BUNDLED WITH
   1.17.3
